PATH
  remote: .
  specs:
    fancy_cat_finder (0.1.0)

GEM
  remote: https://rubygems.org/
  specs:
    coderay (1.1.3)
    method_source (1.0.0)
    mini_portile2 (2.5.3)
    nokogiri (1.11.7)
      mini_portile2 (~> 2.5.0)
      racc (~> 1.4)
    pry (0.14.1)
      coderay (~> 1.1)
      method_source (~> 1.0)
    racc (1.5.2)
    rake (13.0.3)

PLATFORMS
  ruby

DEPENDENCIES
  bundler (~> 2.0)
  fancy_cat_finder!
  nokogiri
  pry
  rake (~> 13.0)

BUNDLED WITH
   2.1.4
